PATH
  remote: .
  specs:
    kubesealr (0.1.6)
      k8s-ruby2 (~> 2.0.13)
      openssl-oaep

GEM
  remote: https://rubygems.org/
  specs:
    concurrent-ruby (1.1.9)
    diff-lcs (1.5.0)
    dry-configurable (0.14.0)
      concurrent-ruby (~> 1.0)
      dry-core (~> 0.6)
    dry-container (0.9.0)
      concurrent-ruby (~> 1.0)
      dry-configurable (~> 0.13, >= 0.13.0)
    dry-core (0.7.1)
      concurrent-ruby (~> 1.0)
    dry-inflector (0.2.1)
    dry-logic (1.2.0)
      concurrent-ruby (~> 1.0)
      dry-core (~> 0.5, >= 0.5)
    dry-struct (1.4.0)
      dry-core (~> 0.5, >= 0.5)
      dry-types (~> 1.5)
      ice_nine (~> 0.11)
    dry-types (1.5.1)
      concurrent-ruby (~> 1.0)
      dry-container (~> 0.3)
      dry-core (~> 0.5, >= 0.5)
      dry-inflector (~> 0.1, >= 0.1.2)
      dry-logic (~> 1.0, >= 1.0.2)
    excon (0.91.0)
    hashdiff (1.0.1)
    ice_nine (0.11.2)
    jsonpath (1.1.0)
      multi_json
    k8s-ruby2 (2.0.13)
      dry-struct (~> 1.4.0)
      dry-types (~> 1.5.0)
      excon (~> 0.78)
      hashdiff (~> 1.0.1)
      jsonpath (~> 1.1.0)
      recursive-open-struct (~> 1.1.3)
      yajl-ruby (~> 1.4.1)
      yaml-safe_load_stream2 (~> 0.1.1)
    multi_json (1.15.0)
    openssl-oaep (0.1.0)
    rake (13.0.6)
    recursive-open-struct (1.1.3)
    rspec (3.11.0)
      rspec-core (~> 3.11.0)
      rspec-expectations (~> 3.11.0)
      rspec-mocks (~> 3.11.0)
    rspec-core (3.11.0)
      rspec-support (~> 3.11.0)
    rspec-expectations (3.11.0)
      diff-lcs (>= 1.2.0, < 2.0)
      rspec-support (~> 3.11.0)
    rspec-mocks (3.11.0)
      diff-lcs (>= 1.2.0, < 2.0)
      rspec-support (~> 3.11.0)
    rspec-support (3.11.0)
    yajl-ruby (1.4.1)
    yaml-safe_load_stream2 (0.1.1)

PLATFORMS
  arm64-darwin-21

DEPENDENCIES
  kubesealr!
  rake (~> 13.0)
  rspec (~> 3.0)

BUNDLED WITH
   2.3.7
