GIT
  remote: https://github.com/tsutsu/k8s-ruby.git
  revision: 177ba953169f32b6b40b85eedae85659825381b5
  branch: fork-master
  specs:
    k8s-ruby (0.10.5)
      dry-struct (~> 1.3.0)
      dry-types (~> 1.4.0)
      excon (~> 0.78)
      hashdiff (~> 1.0.1)
      jsonpath (~> 1.1.0)
      recursive-open-struct (~> 1.1.3)
      yajl-ruby (~> 1.4.1)
      yaml-safe_load_stream2 (~> 0.1)

GIT
  remote: https://github.com/tsutsu/recursive-open-struct.git
  revision: 1467ac3107582ab32de016fa320c1e204b10a1af
  branch: fix-ruby3-support
  specs:
    recursive-open-struct (1.1.3)

PATH
  remote: .
  specs:
    kubesealr (0.1.0)
      k8s-ruby
      openssl-oaep

GEM
  remote: https://rubygems.org/
  specs:
    concurrent-ruby (1.1.7)
    diff-lcs (1.4.4)
    dry-configurable (0.12.0)
      concurrent-ruby (~> 1.0)
      dry-core (~> 0.5, >= 0.5.0)
    dry-container (0.7.2)
      concurrent-ruby (~> 1.0)
      dry-configurable (~> 0.1, >= 0.1.3)
    dry-core (0.5.0)
      concurrent-ruby (~> 1.0)
    dry-equalizer (0.3.0)
    dry-inflector (0.2.0)
    dry-logic (1.1.0)
      concurrent-ruby (~> 1.0)
      dry-core (~> 0.5, >= 0.5)
    dry-struct (1.3.0)
      dry-core (~> 0.4, >= 0.4.4)
      dry-equalizer (~> 0.3)
      dry-types (~> 1.3)
      ice_nine (~> 0.11)
    dry-types (1.4.0)
      concurrent-ruby (~> 1.0)
      dry-container (~> 0.3)
      dry-core (~> 0.4, >= 0.4.4)
      dry-equalizer (~> 0.3)
      dry-inflector (~> 0.1, >= 0.1.2)
      dry-logic (~> 1.0, >= 1.0.2)
    excon (0.78.1)
    hashdiff (1.0.1)
    ice_nine (0.11.2)
    jsonpath (1.1.0)
      multi_json
    multi_json (1.15.0)
    openssl-oaep (0.1.0)
    rake (13.0.3)
    rspec (3.10.0)
      rspec-core (~> 3.10.0)
      rspec-expectations (~> 3.10.0)
      rspec-mocks (~> 3.10.0)
    rspec-core (3.10.1)
      rspec-support (~> 3.10.0)
    rspec-expectations (3.10.1)
      diff-lcs (>= 1.2.0, < 2.0)
      rspec-support (~> 3.10.0)
    rspec-mocks (3.10.1)
      diff-lcs (>= 1.2.0, < 2.0)
      rspec-support (~> 3.10.0)
    rspec-support (3.10.1)
    yajl-ruby (1.4.1)
    yaml-safe_load_stream2 (0.1.1)

PLATFORMS
  x86_64-darwin-20

DEPENDENCIES
  k8s-ruby!
  kubesealr!
  rake (~> 13.0)
  recursive-open-struct!
  rspec (~> 3.0)

BUNDLED WITH
   2.2.5
