GIT
  remote: git://github.com/tsutsu/k8s-ruby.git
  revision: 3e3e3cd1c05dd893774c11adcc5fa112500f3fdf
  branch: fork-master
  specs:
    k8s-ruby (0.10.5)
      dry-struct (~> 1.4.0)
      dry-types (~> 1.5.0)
      excon (~> 0.78)
      hashdiff (~> 1.0.1)
      jsonpath (~> 1.1.0)
      recursive-open-struct (~> 1.1.3)
      yajl-ruby (~> 1.4.1)
      yaml-safe_load_stream2 (~> 0.1)

PATH
  remote: .
  specs:
    kubesealr (0.1.1)
      k8s-ruby
      openssl-oaep

GEM
  remote: https://rubygems.org/
  specs:
    concurrent-ruby (1.1.8)
    diff-lcs (1.4.4)
    dry-configurable (0.12.0)
      concurrent-ruby (~> 1.0)
      dry-core (~> 0.5, >= 0.5.0)
    dry-container (0.7.2)
      concurrent-ruby (~> 1.0)
      dry-configurable (~> 0.1, >= 0.1.3)
    dry-core (0.5.0)
      concurrent-ruby (~> 1.0)
    dry-inflector (0.2.0)
    dry-logic (1.1.0)
      concurrent-ruby (~> 1.0)
      dry-core (~> 0.5, >= 0.5)
    dry-struct (1.4.0)
      dry-core (~> 0.5, >= 0.5)
      dry-types (~> 1.5)
      ice_nine (~> 0.11)
    dry-types (1.5.0)
      concurrent-ruby (~> 1.0)
      dry-container (~> 0.3)
      dry-core (~> 0.5, >= 0.5)
      dry-inflector (~> 0.1, >= 0.1.2)
      dry-logic (~> 1.0, >= 1.0.2)
    excon (0.79.0)
    hashdiff (1.0.1)
    ice_nine (0.11.2)
    jsonpath (1.1.0)
      multi_json
    multi_json (1.15.0)
    openssl-oaep (0.1.0)
    rake (13.0.3)
    recursive-open-struct (1.1.3)
    rspec (3.10.0)
      rspec-core (~> 3.10.0)
      rspec-expectations (~> 3.10.0)
      rspec-mocks (~> 3.10.0)
    rspec-core (3.10.1)
      rspec-support (~> 3.10.0)
    rspec-expectations (3.10.1)
      diff-lcs (>= 1.2.0, < 2.0)
      rspec-support (~> 3.10.0)
    rspec-mocks (3.10.2)
      diff-lcs (>= 1.2.0, < 2.0)
      rspec-support (~> 3.10.0)
    rspec-support (3.10.2)
    yajl-ruby (1.4.1)
    yaml-safe_load_stream2 (0.1.1)

PLATFORMS
  ruby

DEPENDENCIES
  k8s-ruby!
  kubesealr!
  rake (~> 13.0)
  rspec (~> 3.0)

BUNDLED WITH
   1.17.2
